{
	"Modality": "MR",
	"MagneticFieldStrength": 3,
	"Manufacturer": "Siemens",
	"ManufacturersModelName": "Allegra",
	"InstitutionName": "Princeton_University",
	"InstitutionAddress": "washington_avegreenhall_BDD552_new_jersey_08544_US",
	"DeviceSerialNumber": "20413",
	"StationName": "MRC20413",
	"PatientPosition": "HFS",
	"ProcedureStepDescription": "BotvinickLab_Amitai",
	"SoftwareVersions": "syngo_MR_2004A_4VA25A",
	"MRAcquisitionType": "2D",
	"SeriesDescription": "ep2d_FRG",
	"ProtocolName": "ep2d_FRG",
	"ScanningSequence": "SE_EP",
	"SequenceVariant": "SK",
	"ScanOptions": "FS",
	"SequenceName": "_epfid2d1_64",
	"ImageType": ["ORIGINAL", "PRIMARY", "M", "ND", "MOSAIC"],
	"SeriesNumber": 4,
	"AcquisitionTime": "16:07:7.727500",
	"AcquisitionNumber": 1,
	"SliceThickness": 3,
	"SpacingBetweenSlices": 3,
	"SAR": 0.0460763,
	"EchoTime": 0.03,
	"RepetitionTime": 3,
	"FlipAngle": 87,
	"PartialFourier": 1,
	"BaseResolution": 64,
	"ShimSetting": [
		-28,
		-5,
		119,
		290,
		1642,
		914,
		-331,
		-148	],
	"TxRefAmp": 161.99,
	"PhaseResolution": 1,
	"ReceiveCoilName": "Head_3T",
	"PulseSequenceDetails": "%SiemensSeq%_ep2d_bold",
	"PercentPhaseFOV": 100,
	"PhaseEncodingSteps": 64,
	"AcquisitionMatrixPE": 64,
	"ReconMatrixPE": 64,
	"PixelBandwidth": 1420,
	"PhaseEncodingDirection": "j-",
	"ImageOrientationPatientDICOM": [
		1,
		2.22045e-16,
		-2.77556e-17,
		-2.22045e-16,
		0.95882,
		-0.284015	],
	"InPlanePhaseEncodingDirectionDICOM": "COL",
	"ConversionSoftware": "dcm2niix",
	"ConversionSoftwareVersion": "v1.0.20180518 GCC4.8.5"
}
