{
	"Modality": "MR",
	"MagneticFieldStrength": 3,
	"Manufacturer": "Siemens",
	"ManufacturersModelName": "Allegra",
	"InstitutionName": "Princeton_University",
	"InstitutionAddress": "washington_avegreenhall_BDD552_new_jersey_08544_US",
	"DeviceSerialNumber": "20413",
	"StationName": "MRC20413",
	"PatientPosition": "HFS",
	"ProcedureStepDescription": "BotvinickLab_Amitai",
	"SoftwareVersions": "syngo_MR_2004A_4VA25A",
	"MRAcquisitionType": "2D",
	"SeriesDescription": "ep2d_FRG",
	"ProtocolName": "ep2d_FRG",
	"ScanningSequence": "SE_EP",
	"SequenceVariant": "SK",
	"ScanOptions": "FS",
	"SequenceName": "_epfid2d1_64",
	"ImageType": ["ORIGINAL", "PRIMARY", "M", "ND", "MOSAIC"],
	"SeriesNumber": 5,
	"AcquisitionTime": "16:54:0.172510",
	"AcquisitionNumber": 1,
	"SliceThickness": 3,
	"SpacingBetweenSlices": 3,
	"SAR": 0.0462973,
	"EchoTime": 0.03,
	"RepetitionTime": 3,
	"FlipAngle": 87,
	"PartialFourier": 1,
	"BaseResolution": 64,
	"ShimSetting": [
		-26,
		-7,
		115,
		359,
		1617,
		667,
		-230,
		-210	],
	"TxRefAmp": 154.904,
	"PhaseResolution": 1,
	"ReceiveCoilName": "Head_3T",
	"PulseSequenceDetails": "%SiemensSeq%_ep2d_bold",
	"PercentPhaseFOV": 100,
	"PhaseEncodingSteps": 64,
	"AcquisitionMatrixPE": 64,
	"ReconMatrixPE": 64,
	"PixelBandwidth": 1420,
	"PhaseEncodingDirection": "j-",
	"ImageOrientationPatientDICOM": [
		1,
		0,
		-1.38778e-17,
		0,
		0.978867,
		-0.204496	],
	"InPlanePhaseEncodingDirectionDICOM": "COL",
	"ConversionSoftware": "dcm2niix",
	"ConversionSoftwareVersion": "v1.0.20180518 GCC4.8.5"
}
